GEM
  remote: https://rubygems.org/
  specs:
    diff-lcs (1.5.0)
    rspec (3.12.0)
      rspec-core (~> 3.12.0)
      rspec-expectations (~> 3.12.0)
      rspec-mocks (~> 3.12.0)
    rspec-core (3.12.2)
      rspec-support (~> 3.12.0)
    rspec-expectations (3.12.3)
      diff-lcs (>= 1.2.0, < 2.0)
      rspec-support (~> 3.12.0)
    rspec-mocks (3.12.6)
      diff-lcs (>= 1.2.0, < 2.0)
      rspec-support (~> 3.12.0)
    rspec-support (3.12.1)

PLATFORMS
  x86_64-linux

DEPENDENCIES
  rspec (~> 3.0)

CHECKSUMS
  diff-lcs (1.5.0)
  rspec (3.12.0)
  rspec-core (3.12.2)
  rspec-expectations (3.12.3)
  rspec-mocks (3.12.6)
  rspec-support (3.12.1)

BUNDLED WITH
   2.5.0.dev
